GEM
  remote: https://rubygems.org/
  specs:
    beanstalk-client (1.1.1)
    bson (4.0.0)
    coderay (1.1.0)
    concurrent-ruby (1.0.0)
    connection_pool (2.2.0)
    elif (0.1.0)
    facets (3.0.0)
    fakeweb (1.3.0)
    memcache-client (1.8.5)
    metaclass (0.0.4)
    method_source (0.8.2)
    mini_portile2 (2.3.0)
    mocha (1.1.0)
      metaclass (~> 0.0.1)
    mongo (2.2.1)
      bson (~> 4.0)
    mono_logger (1.1.0)
    multi_json (1.11.2)
    mysql2 (0.4.2)
    nokogiri (1.8.2)
      mini_portile2 (~> 2.3.0)
    pg (0.18.4)
    pry (0.10.3)
      coderay (~> 1.1.0)
      method_source (~> 0.8.1)
      slop (~> 3.4)
    pry-doc (0.8.0)
      pry (~> 0.9)
      yard (~> 0.8)
    rack (1.6.12)
    rack-protection (1.5.5)
      rack
    redis (3.2.2)
    redis-namespace (1.5.2)
      redis (~> 3.0, >= 3.0.4)
    request-log-analyzer (1.13.4)
    resque (1.25.2)
      mono_logger (~> 1.0)
      multi_json (~> 1.0)
      redis-namespace (~> 1.3)
      sinatra (>= 0.9.2)
      vegas (~> 0.1.2)
    scout (5.9.8)
      elif
      server_metrics (>= 1.2.5)
    server_metrics (1.2.13)
    sidekiq (4.0.2)
      concurrent-ruby (~> 1.0)
      connection_pool (~> 2.2, >= 2.2.0)
      redis (~> 3.2, >= 3.2.1)
    sinatra (1.4.6)
      rack (~> 1.4)
      rack-protection (~> 1.4)
      tilt (>= 1.3, < 3)
    slop (3.6.0)
    tilt (2.0.2)
    timecop (0.8.0)
    vegas (0.1.11)
      rack (>= 1.0.0)
    yard (0.9.12)

PLATFORMS
  ruby

DEPENDENCIES
  beanstalk-client
  facets
  fakeweb
  memcache-client
  mocha
  mongo
  mysql2
  nokogiri (~> 1.8.1)
  pg
  pry
  pry-doc
  rack-protection (~> 1.5.5)
  redis
  request-log-analyzer
  resque
  scout
  sidekiq
  timecop
  yard (~> 0.9.11)

BUNDLED WITH
   1.16.1
