GEM
  remote: http://rubygems.org/
  specs:
    ast (1.1.0)
    beanstalk-client (1.1.1)
    bson (1.0.7)
    coderay (1.0.9)
    coveralls (0.7.0)
      multi_json (~> 1.3)
      rest-client
      simplecov (>= 0.7)
      term-ansicolor
      thor
    docile (1.1.2)
    elif (0.1.0)
    facets (2.9.3)
    fakeweb (1.3.0)
    json (1.8.1)
    memcache-client (1.8.5)
    method_source (0.8.1)
    mime-types (2.1)
    mini_portile (0.5.0)
    mocha (0.9.8)
      rake
    mongo (1.0.8)
      bson (>= 1.0.5)
    mono_logger (1.1.0)
    multi_json (1.7.7)
    mysql (2.8.1)
    nokogiri (1.6.0)
      mini_portile (~> 0.5.0)
    parser (2.1.4)
      ast (~> 1.1)
      slop (~> 3.4, >= 3.4.5)
    pg (0.9.0)
    powerpack (0.0.9)
    pry (0.9.12.2)
      coderay (~> 1.0.5)
      method_source (~> 0.8)
      slop (~> 3.4)
    pry-doc (0.4.6)
      pry (>= 0.9)
      yard (>= 0.8)
    rack (1.5.2)
    rack-protection (1.5.0)
      rack
    rainbow (1.99.2)
    rake (0.8.7)
    redis (3.0.4)
    redis-namespace (1.3.0)
      redis (~> 3.0.0)
    request-log-analyzer (1.8.1)
    resque (1.24.1)
      mono_logger (~> 1.0)
      multi_json (~> 1.0)
      redis-namespace (~> 1.2)
      sinatra (>= 0.9.2)
      vegas (~> 0.1.2)
    rest-client (1.6.7)
      mime-types (>= 1.16)
    rubocop (0.17.0)
      json (~> 1.8)
      parser (~> 2.1.3)
      powerpack (~> 0.0.6)
      rainbow (~> 1.99.1)
    scout (5.1.4)
      elif
    simplecov (0.8.2)
      docile (~> 1.1.0)
      multi_json
      simplecov-html (~> 0.8.0)
    simplecov-html (0.8.0)
    sinatra (1.4.3)
      rack (~> 1.4)
      rack-protection (~> 1.4)
      tilt (~> 1.3, >= 1.3.4)
    slop (3.4.5)
    term-ansicolor (1.2.2)
      tins (~> 0.8)
    thor (0.18.1)
    tilt (1.4.1)
    timecop (0.3.5)
    tins (0.13.1)
    vegas (0.1.11)
      rack (>= 1.0.0)
    yard (0.8.6.1)

PLATFORMS
  ruby

DEPENDENCIES
  beanstalk-client
  coveralls
  facets
  fakeweb
  memcache-client
  mocha
  mongo
  mysql
  nokogiri
  pg
  pry
  pry-doc
  redis
  request-log-analyzer
  resque
  rubocop
  scout
  simplecov
  timecop
