GEM
  remote: http://rubygems.org/
  specs:
    beanstalk-client (1.1.1)
    bson (1.0.7)
    elif (0.1.0)
    facets (2.9.3)
    fakeweb (1.3.0)
    memcache-client (1.8.5)
    mocha (0.9.8)
      rake
    mongo (1.0.8)
      bson (>= 1.0.5)
    multi_json (1.6.1)
    mysql (2.8.1)
    nokogiri (1.5.6)
    pg (0.9.0)
    rack (1.5.2)
    rack-protection (1.4.0)
      rack
    rake (0.8.7)
    redis (3.0.3)
    redis-namespace (1.2.1)
      redis (~> 3.0.0)
    request-log-analyzer (1.8.1)
    resque (1.23.0)
      multi_json (~> 1.0)
      redis-namespace (~> 1.0)
      sinatra (>= 0.9.2)
      vegas (~> 0.1.2)
    scout (5.1.4)
      elif
    sinatra (1.3.5)
      rack (~> 1.4)
      rack-protection (~> 1.3)
      tilt (~> 1.3, >= 1.3.3)
    tilt (1.3.4)
    timecop (0.3.5)
    vegas (0.1.11)
      rack (>= 1.0.0)

PLATFORMS
  ruby

DEPENDENCIES
  beanstalk-client
  facets
  fakeweb
  memcache-client
  mocha
  mongo
  mysql
  nokogiri
  pg
  redis
  request-log-analyzer
  resque
  scout
  timecop
